PATH
  remote: .
  specs:
    rack-store (0.0.3)
      rack (>= 1.2.0)

GEM
  specs:
    diff-lcs (1.1.3)
    rack (1.4.1)
    rspec (2.11.0)
      rspec-core (~> 2.11.0)
      rspec-expectations (~> 2.11.0)
      rspec-mocks (~> 2.11.0)
    rspec-core (2.11.1)
    rspec-expectations (2.11.3)
      diff-lcs (~> 1.1.3)
    rspec-mocks (2.11.3)

PLATFORMS
  ruby

DEPENDENCIES
  rack-store!
  rspec (>= 2.0.0)
  rspec-core (>= 2.0.0)
